PATH
  remote: .
  specs:
    my_project (0.1.0)

GEM
  remote: https://rubygems.org/
  specs:
    minitest (5.22.3)
    rake (13.2.1)

PLATFORMS
  ruby
  x86_64-linux

DEPENDENCIES
  minitest (~> 5.16)
  my_project!
  rake (~> 13.0)

BUNDLED WITH
   2.5.10
